GEM
  remote: http://rubygems.org/
  specs:
    corefoundation (0.2.0)
      ffi
    equatable (0.6.1)
    faraday (0.17.0)
      multipart-post (>= 1.2, < 3)
    faraday_middleware (0.13.1)
      faraday (>= 0.7.4, < 1.0)
    ffi (1.11.1)
    mini_portile2 (2.4.0)
    multipart-post (2.1.1)
    necromancer (0.5.1)
    nokogiri (1.10.8)
      mini_portile2 (~> 2.4.0)
    pastel (0.7.4)
      equatable (~> 0.6)
      tty-color (~> 0.5)
    ruby-keychain (0.3.2)
      corefoundation (~> 0.2.0)
      ffi
    slop (4.7.0)
    tty-color (0.5.1)
    tty-cursor (0.7.1)
    tty-prompt (0.21.0)
      necromancer (~> 0.5.0)
      pastel (~> 0.7.0)
      tty-reader (~> 0.7.0)
    tty-reader (0.7.0)
      tty-cursor (~> 0.7)
      tty-screen (~> 0.7)
      wisper (~> 2.0.0)
    tty-screen (0.8.0)
    wisper (2.0.1)

PLATFORMS
  ruby

DEPENDENCIES
  faraday
  faraday_middleware
  nokogiri
  ruby-keychain
  slop
  tty-prompt

BUNDLED WITH
   2.0.2
