GEM
  remote: http://rubygems.org/
  specs:
    corefoundation (0.2.0)
      ffi
    faraday (0.17.0)
      multipart-post (>= 1.2, < 3)
    faraday_middleware (0.13.1)
      faraday (>= 0.7.4, < 1.0)
    ffi (1.11.1)
    mini_portile2 (2.4.0)
    multipart-post (2.1.1)
    nokogiri (1.10.4)
      mini_portile2 (~> 2.4.0)
    ruby-keychain (0.3.2)
      corefoundation (~> 0.2.0)
      ffi
    slop (4.7.0)

PLATFORMS
  ruby

DEPENDENCIES
  faraday
  faraday_middleware
  nokogiri
  ruby-keychain
  slop

BUNDLED WITH
   2.0.2
