GEM
  remote: http://rubygems.org/
  specs:
    equatable (0.6.1)
    faraday (0.17.0)
      multipart-post (>= 1.2, < 3)
    faraday_middleware (0.13.1)
      faraday (>= 0.7.4, < 1.0)
    multipart-post (2.1.1)
    necromancer (0.5.1)
    openssl (2.2.0)
    pastel (0.7.4)
      equatable (~> 0.6)
      tty-color (~> 0.5)
    rake (13.0.1)
    slop (4.7.0)
    tty-color (0.5.1)
    tty-cursor (0.7.1)
    tty-prompt (0.21.0)
      necromancer (~> 0.5.0)
      pastel (~> 0.7.0)
      tty-reader (~> 0.7.0)
    tty-reader (0.7.0)
      tty-cursor (~> 0.7)
      tty-screen (~> 0.7)
      wisper (~> 2.0.0)
    tty-screen (0.8.0)
    wisper (2.0.1)
    yaml (0.1.0)

PLATFORMS
  ruby

DEPENDENCIES
  faraday
  faraday_middleware
  openssl
  rake
  slop
  tty-prompt
  yaml

BUNDLED WITH
   2.0.2
